PATH
  remote: .
  specs:
    Aureus (0.1.5)

GEM
  remote: http://rubygems.org/
  specs:

PLATFORMS
  ruby

DEPENDENCIES
  Aureus!
